PATH
  remote: .
  specs:
    jobi (0.1.1)
      bunny (>= 2.14.1)
      logger
      rspec (~> 3.0)

GEM
  remote: https://rubygems.org/
  specs:
    amq-protocol (2.3.1)
    bunny (2.15.0)
      amq-protocol (~> 2.3, >= 2.3.1)
    bunny-mock (1.7.0)
      bunny (>= 1.7)
    diff-lcs (1.3)
    logger (1.4.2)
    rake (12.3.3)
    rspec (3.9.0)
      rspec-core (~> 3.9.0)
      rspec-expectations (~> 3.9.0)
      rspec-mocks (~> 3.9.0)
    rspec-core (3.9.2)
      rspec-support (~> 3.9.3)
    rspec-expectations (3.9.2)
      diff-lcs (>= 1.2.0, < 2.0)
      rspec-support (~> 3.9.0)
    rspec-mocks (3.9.1)
      diff-lcs (>= 1.2.0, < 2.0)
      rspec-support (~> 3.9.0)
    rspec-support (3.9.3)

PLATFORMS
  ruby

DEPENDENCIES
  bunny (>= 2.14.1)
  bunny-mock
  jobi!
  logger
  rake (~> 12.0)
  rspec (~> 3.0)

BUNDLED WITH
   2.1.4
